GIT
  remote: git://github.com/ballantyne/emailyak.git
  revision: 6cff6e80941c3d3bad568c47baa6c27815cd8a5c
  specs:
    emailyak (0.0.2)
      rest-client
      yajl-ruby (>= 0.8.3)

GIT
  remote: git://github.com/ballantyne/mercury.git
  revision: 257b73571e273d14bcd7d36cd45eedb0a0b0666a
  specs:
    mercury-rails (0.3.1)
      coffee-script
      paperclip (>= 2.5.2)
      rails (>= 3.1.0)

GIT
  remote: git://github.com/simsicon/paperclip.git
  revision: 77c9621e03589151b513f16858c6554da6016a1f
  specs:
    paperclip (3.0.3)
      activemodel (>= 3.0.0)
      activerecord (>= 3.0.0)
      activesupport (>= 3.0.0)
      cocaine (>= 0.0.2)
      mime-types

GEM
  remote: https://rubygems.org/
  specs:
    189seg (0.0.1)
      rest-client (>= 1.6.6)
      yajl-ruby (>= 0.8.3)
    actionmailer (3.2.3)
      actionpack (= 3.2.3)
      mail (~> 2.4.4)
    actionpack (3.2.3)
      activemodel (= 3.2.3)
      activesupport (= 3.2.3)
      builder (~> 3.0.0)
      erubis (~> 2.7.0)
      journey (~> 1.0.1)
      rack (~> 1.4.0)
      rack-cache (~> 1.2)
      rack-test (~> 0.6.1)
      sprockets (~> 2.1.2)
    activemodel (3.2.3)
      activesupport (= 3.2.3)
      builder (~> 3.0.0)
    activerecord (3.2.3)
      activemodel (= 3.2.3)
      activesupport (= 3.2.3)
      arel (~> 3.0.2)
      tzinfo (~> 0.3.29)
    activeresource (3.2.3)
      activemodel (= 3.2.3)
      activesupport (= 3.2.3)
    activesupport (3.2.3)
      i18n (~> 0.6)
      multi_json (~> 1.0)
    acts-as-taggable-on (2.2.2)
      rails (~> 3.0)
    acts_as_commentable_with_threading (1.1.2)
      activerecord (>= 3.0)
      activesupport (~> 3.0)
      awesome_nested_set (>= 2.0)
    addressable (2.2.8)
    arel (3.0.2)
    autoparse (0.2.3)
      addressable (~> 2.2.2)
      extlib (>= 0.9.15)
      json (>= 1.4.6)
    awesome_nested_set (2.1.3)
      activerecord (>= 3.0.0)
    aws-s3 (0.6.3)
      builder
      mime-types
      xml-simple
    aws-sdk (1.5.4)
      httparty (~> 0.7)
      json (~> 1.4)
      nokogiri (>= 1.4.4)
      uuidtools (~> 2.1)
    bootstrap-sass (2.0.3.1)
    builder (3.0.0)
    cancan (1.6.7)
    capistrano (2.12.0)
      highline
      net-scp (>= 1.0.0)
      net-sftp (>= 2.0.0)
      net-ssh (>= 2.0.14)
      net-ssh-gateway (>= 1.1.0)
    capybara (1.1.2)
      mime-types (>= 1.16)
      nokogiri (>= 1.3.3)
      rack (>= 1.0.0)
      rack-test (>= 0.5.4)
      selenium-webdriver (~> 2.0)
      xpath (~> 0.1.4)
    childprocess (0.3.2)
      ffi (~> 1.0.6)
    cocaine (0.2.1)
    coffee-rails (3.2.2)
      coffee-script (>= 2.2.0)
      railties (~> 3.2.0)
    coffee-script (2.2.0)
      coffee-script-source
      execjs
    coffee-script-source (1.3.3)
    crack (0.3.1)
    css_parser (1.2.6)
      addressable
      rdoc
    diff-lcs (1.1.3)
    erubis (2.7.0)
    excon (0.14.1)
    execjs (1.4.0)
      multi_json (~> 1.0)
    extlib (0.9.15)
    factory_girl (3.5.0)
      activesupport (>= 3.0.0)
    factory_girl_rails (3.5.0)
      factory_girl (~> 3.5.0)
      railties (>= 3.0.0)
    faraday (0.8.1)
      multipart-post (~> 1.1)
    fattr (2.2.1)
    ffi (1.0.11)
    flickr_fu (0.3.1)
      flickr_fu
      mime-types (> 0.0.0)
      xml-magic (> 0.0.0)
    gibbon (0.3.5)
      httparty (> 0.6.0)
      httparty (> 0.6.0)
      json (> 1.4.0)
      json (> 1.4.0)
      rdoc
    git (1.2.5)
    google-api-client (0.3.0)
      addressable (~> 2.2.2)
      autoparse (~> 0.2.0)
      extlib (>= 0.9.15)
      httpadapter (~> 1.0.1)
      json (>= 1.4.6)
      launchy (>= 2.0.0)
      signet (~> 0.2.2)
    guard (1.2.1)
      listen (>= 0.4.2)
      thor (>= 0.14.6)
    guard-rspec (1.1.0)
      guard (>= 1.1)
    haml (3.1.6)
    has_scope (0.5.1)
    hashie (1.2.0)
    heroku (2.28.2)
      heroku-api (~> 0.2.6)
      launchy (>= 0.3.2)
      netrc (~> 0.7.4)
      rest-client (~> 1.6.1)
      rubyzip
    heroku-api (0.2.6)
      excon (~> 0.14.0)
    highline (1.6.13)
    hike (1.2.1)
    hirefire (0.1.4)
      heroku (>= 1.4)
      rush (~> 0.6.7)
    htmlentities (4.3.1)
    httpadapter (1.0.1)
      addressable (~> 2.2.0)
    httparty (0.8.3)
      multi_json (~> 1.0)
      multi_xml
    httpauth (0.1)
    i18n (0.6.0)
    jeweler (1.8.4)
      bundler (~> 1.0)
      git (>= 1.2.5)
      rake
      rdoc
    journey (1.0.4)
    jquery-rails (2.0.2)
      railties (>= 3.2.0, < 5.0)
      thor (~> 0.14)
    jquery-ui-rails (1.0.0)
      jquery-rails
      railties (>= 3.1.0)
    json (1.7.3)
    jwt (0.1.4)
      json (>= 1.2.4)
    kgio (2.7.4)
    launchy (2.1.0)
      addressable (~> 2.2.6)
    libv8 (3.3.10.4)
    libwebsocket (0.1.3)
      addressable
    listen (0.4.6)
      rb-fchange (~> 0.0.5)
      rb-fsevent (~> 0.9.1)
      rb-inotify (~> 0.8.8)
    macaddr (1.6.1)
      systemu (~> 2.5.0)
    mail (2.4.4)
      i18n (>= 0.4.0)
      mime-types (~> 1.16)
      treetop (~> 1.4.8)
    mime-types (1.19)
    multi_json (1.3.6)
    multi_xml (0.5.1)
    multipart-post (1.1.5)
    net-scp (1.0.4)
      net-ssh (>= 1.99.1)
    net-sftp (2.0.5)
      net-ssh (>= 2.0.9)
    net-ssh (2.5.2)
    net-ssh-gateway (1.1.0)
      net-ssh (>= 1.99.1)
    netrc (0.7.4)
    nokogiri (1.5.5)
    oauth (0.4.6)
    oauth2 (0.6.1)
      faraday (~> 0.7)
      httpauth (~> 0.1)
      multi_json (~> 1.3)
    omniauth (1.0.3)
      hashie (~> 1.2)
      rack
    omniauth-facebook (1.4.0)
      omniauth-oauth2 (~> 1.0.2)
    omniauth-oauth (1.0.1)
      oauth
      omniauth (~> 1.0)
    omniauth-oauth2 (1.0.2)
      oauth2 (~> 0.6.0)
      omniauth (~> 1.0)
    omniauth-twitter (0.0.12)
      multi_json (~> 1.3)
      omniauth-oauth (~> 1.0)
    omniauth-weibo (1.0.1)
      multi_json
      omniauth (~> 1.0.0.rc2)
      omniauth-oauth (~> 1.0.0.rc2)
    pg (0.14.0)
    polyglot (0.3.3)
    premailer (1.7.3)
      css_parser (>= 1.1.9)
      htmlentities (>= 4.0.0)
    rack (1.4.1)
    rack-cache (1.2)
      rack (>= 0.4)
    rack-protection (1.2.0)
      rack
    rack-ssl (1.3.2)
      rack
    rack-test (0.6.1)
      rack (>= 1.0)
    rails (3.2.3)
      actionmailer (= 3.2.3)
      actionpack (= 3.2.3)
      activerecord (= 3.2.3)
      activeresource (= 3.2.3)
      activesupport (= 3.2.3)
      bundler (~> 1.0)
      railties (= 3.2.3)
    railties (3.2.3)
      actionpack (= 3.2.3)
      activesupport (= 3.2.3)
      rack-ssl (~> 1.3.2)
      rake (>= 0.8.7)
      rdoc (~> 3.4)
      thor (~> 0.14.6)
    raindrops (0.10.0)
    rake (0.9.2.2)
    rb-fchange (0.0.5)
      ffi
    rb-fsevent (0.9.1)
    rb-inotify (0.8.8)
      ffi (>= 0.5.0)
    rdoc (3.12)
      json (~> 1.4)
    redis (2.2.2)
    redis-namespace (1.0.3)
      redis (< 3.0.0)
    resque (1.20.0)
      multi_json (~> 1.0)
      redis-namespace (~> 1.0.2)
      sinatra (>= 0.9.2)
      vegas (~> 0.1.2)
    rest-client (1.6.7)
      mime-types (>= 1.16)
    rolify (3.1.0)
    rspec (2.10.0)
      rspec-core (~> 2.10.0)
      rspec-expectations (~> 2.10.0)
      rspec-mocks (~> 2.10.0)
    rspec-core (2.10.1)
    rspec-expectations (2.10.0)
      diff-lcs (~> 1.1.3)
    rspec-mocks (2.10.1)
    rspec-rails (2.10.1)
      actionpack (>= 3.0)
      activesupport (>= 3.0)
      railties (>= 3.0)
      rspec (~> 2.10.0)
    rubyzip (0.9.9)
    rush (0.6.8)
      session
    sass (3.1.19)
    sass-rails (3.2.5)
      railties (~> 3.2.0)
      sass (>= 3.1.10)
      tilt (~> 1.3)
    selenium-webdriver (2.24.0)
      childprocess (>= 0.2.5)
      libwebsocket (~> 0.1.3)
      multi_json (~> 1.0)
      rubyzip
    session (3.1.0)
      fattr
    signet (0.2.4)
      addressable (~> 2.2.1)
      httpadapter (~> 1.0.0)
      json (>= 1.4.6)
      jwt (>= 0.1.4)
    sinatra (1.3.2)
      rack (~> 1.3, >= 1.3.6)
      rack-protection (~> 1.2)
      tilt (~> 1.3, >= 1.3.3)
    spine-rails (0.1.0)
      rails (>= 3.1.0)
    sprockets (2.1.3)
      hike (~> 1.2)
      rack (~> 1.0)
      tilt (~> 1.1, != 1.3.0)
    systemu (2.5.1)
    texticle (2.0.3)
      activerecord (~> 3.0)
    the_sortable_tree (1.9.4)
      rails (>= 3.1)
    therubyracer (0.10.1)
      libv8 (~> 3.3.10)
    thor (0.14.6)
    tilt (1.3.3)
    tinymce-rails (3.5.2)
      railties (>= 3.1.1)
    treetop (1.4.10)
      polyglot
      polyglot (>= 0.3.1)
    tzinfo (0.3.33)
    uglifier (1.2.5)
      execjs (>= 0.3.0)
      multi_json (~> 1.3)
    unicorn (4.3.1)
      kgio (~> 2.6)
      rack
      raindrops (~> 0.7)
    uuid (2.3.5)
      macaddr (~> 1.0)
    uuidtools (2.1.2)
    vegas (0.1.11)
      rack (>= 1.0.0)
    weibo (0.0.14)
      crack
      hashie
      hashie
      httparty
      httparty (>= 0.5.2)
      jeweler
      oauth
      oauth (~> 0.4.1)
    will_paginate (3.0.3)
    xml-magic (0.1.1)
    xml-simple (1.1.1)
    xpath (0.1.4)
      nokogiri (~> 1.3)
    yajl-ruby (1.1.0)

PLATFORMS
  ruby

DEPENDENCIES
  189seg
  acts-as-taggable-on (~> 2.2.2)
  acts_as_commentable_with_threading
  awesome_nested_set
  aws-s3
  aws-sdk
  bootstrap-sass (~> 2.0.2)
  cancan
  capistrano
  capybara
  coffee-rails (~> 3.2.1)
  emailyak!
  factory_girl_rails
  flickr_fu
  gibbon
  google-api-client
  guard-rspec
  haml
  has_scope
  hashie
  hirefire
  jquery-rails
  jquery-ui-rails
  mercury-rails!
  nokogiri
  omniauth
  omniauth-facebook
  omniauth-twitter
  omniauth-weibo
  paperclip!
  pg
  premailer
  rails (= 3.2.3)
  resque
  rest-client
  rolify
  rspec-rails
  sass-rails (~> 3.2.3)
  spine-rails
  texticle (~> 2.0)
  the_sortable_tree
  therubyracer
  tinymce-rails
  uglifier (>= 1.0.3)
  unicorn
  uuid
  weibo
  will_paginate (~> 3.0)
